GIT
  remote: https://github.com/mislav/instagram.git
  revision: fa63fb9a27bf0d3e9df9fff2f1306d1124e3ea25
  specs:
    instagram (0.3.2)
      addressable
      nibbler (>= 1.2.0)
      yajl-ruby

GEM
  remote: http://rubygems.org/
  specs:
    activesupport (3.0.5)
    addressable (2.2.4)
    i18n (0.5.0)
    json (1.5.1)
    nibbler (1.2.1)
    rack (1.2.2)
    redis (2.1.1)
    sinatra (1.2.0)
      rack (~> 1.1)
      tilt (< 2.0, >= 1.2.2)
    tilt (1.2.2)
    tzinfo (0.3.24)
    yajl-ruby (0.8.2)

PLATFORMS
  ruby

DEPENDENCIES
  activesupport
  i18n
  instagram!
  json
  redis
  sinatra
  tzinfo
